GEM
  remote: https://rubygems.org/
  specs:
    adsf (1.2.0)
      rack (>= 1.0.0)
    colored (1.2)
    cri (2.4.1)
      colored (>= 1.2)
    erubis (2.7.0)
    i18n (0.6.9)
    kramdown (1.3.1)
    nanoc (3.6.7)
      cri (~> 2.3)
    nokogiri (1.5.11)
    posix-spawn (0.3.8)
    pygments.rb (0.5.4)
      posix-spawn (~> 0.3.6)
      yajl-ruby (~> 1.1.0)
    rack (1.5.2)
    yajl-ruby (1.1.0)

PLATFORMS
  ruby

DEPENDENCIES
  adsf
  erubis
  i18n
  kramdown
  nanoc
  nokogiri (< 1.6)
  pygments.rb
